PATH
  remote: .
  specs:
    syclink (0.1.1)
      gli (= 2.13.1)
      sqlite3 (= 1.3.10)

GEM
  remote: https://rubygems.org/
  specs:
    diff-lcs (1.2.5)
    gli (2.13.1)
    rspec (3.3.0)
      rspec-core (~> 3.3.0)
      rspec-expectations (~> 3.3.0)
      rspec-mocks (~> 3.3.0)
    rspec-core (3.3.1)
      rspec-support (~> 3.3.0)
    rspec-expectations (3.3.0)
      diff-lcs (>= 1.2.0, < 2.0)
      rspec-support (~> 3.3.0)
    rspec-mocks (3.3.1)
      diff-lcs (>= 1.2.0, < 2.0)
      rspec-support (~> 3.3.0)
    rspec-support (3.3.0)
    sass (3.4.15)
    sqlite3 (1.3.10)

PLATFORMS
  ruby

DEPENDENCIES
  rspec (= 3.3.0)
  sass (= 3.4.15)
  syclink!
