PATH
  remote: .
  specs:
    syclink (0.2.0)
      gli (>= 2.22.0)
      sqlite3 (= 1.3.10)

GEM
  remote: https://rubygems.org/
  specs:
    diff-lcs (1.2.5)
    gli (2.22.0)
    rspec (3.13.0)
      rspec-core (~> 3.13.0)
      rspec-expectations (~> 3.13.0)
      rspec-mocks (~> 3.13.0)
    rspec-core (3.13.2)
      rspec-support (~> 3.13.0)
    rspec-expectations (3.13.3)
      diff-lcs (>= 1.2.0, < 2.0)
      rspec-support (~> 3.13.0)
    rspec-mocks (3.13.2)
      diff-lcs (>= 1.2.0, < 2.0)
      rspec-support (~> 3.13.0)
    rspec-support (3.13.2)
    sass (3.4.15)
    sqlite3 (1.3.10)
    sycersion (0.1.0)

PLATFORMS
  ruby

DEPENDENCIES
  rspec (>= 3.13)
  sass (= 3.4.15)
  sycersion (= 0.1.0)
  syclink!

BUNDLED WITH
   2.6.2
